GEM
  remote: http://rubygems.org/
  specs:
    diff-lcs (1.1.3)
    facter (1.6.5)
    puppet (2.7.10)
      facter (>= 1.5.1)
    puppet-lint (0.1.12)
    rake (0.9.2)
    rspec (2.8.0)
      rspec-core (~> 2.8.0)
      rspec-expectations (~> 2.8.0)
      rspec-mocks (~> 2.8.0)
    rspec-core (2.8.0)
    rspec-expectations (2.8.0)
      diff-lcs (~> 1.1.2)
    rspec-mocks (2.8.0)
    rspec-puppet (0.1.1)
      rspec

PLATFORMS
  ruby

DEPENDENCIES
  facter (= 1.6.5)
  puppet (= 2.7.10)
  puppet-lint (= 0.1.12)
  rake (= 0.9.2)
  rspec-puppet (= 0.1.1)
